PATH
  remote: .
  specs:
    origen_perforce (0.4.0)
      origen (>= 0.33.0)
      p4ruby (~> 2019.1, >= 2019.1.1873991)

GEM
  remote: https://rubygems.org/
  specs:
    activesupport (4.2.11.1)
      i18n (~> 0.7)
      minitest (~> 5.1)
      thread_safe (~> 0.3, >= 0.3.4)
      tzinfo (~> 1.1)
    ast (2.4.0)
    astrolabe (1.3.1)
      parser (~> 2.2)
    coderay (1.1.2)
    colored (1.2)
    colorize (0.8.1)
    concurrent-ruby (1.1.5)
    coveralls (0.8.23)
      json (>= 1.8, < 3)
      simplecov (~> 0.16.1)
      term-ansicolor (~> 1.3)
      thor (>= 0.19.4, < 2.0)
      tins (~> 1.6)
    cri (2.10.1)
      colored (~> 1.2)
    dentaku (2.0.11)
    diff-lcs (1.3)
    docile (1.3.2)
    gems (0.8.3)
    highline (1.7.10)
    httparty (0.17.1)
      mime-types (~> 3.0)
      multi_xml (>= 0.5.2)
    i18n (0.9.5)
      concurrent-ruby (~> 1.0)
    json (2.2.0)
    kramdown (1.17.0)
    method_source (0.9.2)
    mime-types (3.3)
      mime-types-data (~> 3.2015)
    mime-types-data (3.2019.1009)
    mini_portile2 (2.4.0)
    minitest (5.13.0)
    multi_xml (0.6.0)
    nanoc (3.7.5)
      cri (~> 2.3)
    net-ldap (0.16.2)
    nokogiri (1.10.9)
      mini_portile2 (~> 2.4.0)
    nokogiri (1.10.9-x64-mingw32)
      mini_portile2 (~> 2.4.0)
    origen (0.54.5)
      activesupport (~> 4.1)
      bundler (> 1.7)
      coderay (~> 1.1)
      colored (~> 1.2)
      colorize (~> 0.8.1)
      concurrent-ruby
      cri (~> 2.10.0)
      dentaku (~> 2)
      gems (~> 0.8)
      highline (~> 1.7)
      httparty (~> 0.13)
      kramdown (~> 1.5)
      nanoc (~> 3.7.0)
      net-ldap (~> 0.13)
      nokogiri (>= 1.7.2)
      pry (~> 0.10)
      rake (~> 10)
      rspec (~> 3)
      rspec-legacy_formatters (~> 1)
      rubocop (= 0.30)
      scrub_rb (~> 1.0)
      simplecov (~> 0.9)
      thor (~> 0.19)
      yard (~> 0.8)
    origen_doc_helpers (0.8.2)
      origen (>= 0.7.15)
    p4ruby (2019.1.1873991)
    p4ruby (2019.1.1873991-x64-mingw32)
    parser (2.6.5.0)
      ast (~> 2.4.0)
    powerpack (0.1.2)
    pry (0.12.2)
      coderay (~> 1.1.0)
      method_source (~> 0.9.0)
    rainbow (2.2.2)
      rake
    rake (10.5.0)
    ripper-tags (0.7.0)
    rspec (3.9.0)
      rspec-core (~> 3.9.0)
      rspec-expectations (~> 3.9.0)
      rspec-mocks (~> 3.9.0)
    rspec-core (3.9.0)
      rspec-support (~> 3.9.0)
    rspec-expectations (3.9.0)
      diff-lcs (>= 1.2.0, < 2.0)
      rspec-support (~> 3.9.0)
    rspec-legacy_formatters (1.0.2)
      rspec (~> 3.0)
    rspec-mocks (3.9.0)
      diff-lcs (>= 1.2.0, < 2.0)
      rspec-support (~> 3.9.0)
    rspec-support (3.9.0)
    rubocop (0.30.0)
      astrolabe (~> 1.3)
      parser (>= 2.2.0.1, < 3.0)
      powerpack (~> 0.1)
      rainbow (>= 1.99.1, < 3.0)
      ruby-progressbar (~> 1.4)
    ruby-progressbar (1.10.1)
    scrub_rb (1.0.1)
    simplecov (0.16.1)
      docile (~> 1.1)
      json (>= 1.8, < 3)
      simplecov-html (~> 0.10.0)
    simplecov-html (0.10.2)
    term-ansicolor (1.7.1)
      tins (~> 1.0)
    thor (0.20.3)
    thread_safe (0.3.6)
    tins (1.22.2)
    tzinfo (1.2.5)
      thread_safe (~> 0.1)
    yard (0.9.20)

PLATFORMS
  ruby
  x64-mingw32

DEPENDENCIES
  coveralls
  origen_doc_helpers
  origen_perforce!
  ripper-tags

BUNDLED WITH
   1.17.3
